GEM
  remote: https://rubygems.org/
  specs:
    dbd-mysql (0.4.4)
      dbi (>= 0.4.0)
      mysql
    dbi (0.4.5)
      deprecated (= 2.0.1)
    deprecated (2.0.1)
    mysql (2.9.1)

PLATFORMS
  ruby

DEPENDENCIES
  dbd-mysql
  dbi
